GEM
  remote: https://rubygems.org/
  specs:
    coderay (1.1.3)
    method_source (1.0.0)
    pg (1.3.2)
    pry (0.14.1)
      coderay (~> 1.1)
      method_source (~> 1.0)

PLATFORMS
  ruby

DEPENDENCIES
  pg
  pry

RUBY VERSION
   ruby 2.7.4p191

BUNDLED WITH
   2.1.4
